GEM
  remote: http://rubygems.org/
  specs:
    color (1.8)
    delaunator (0.1.1)
    gradient (0.5.1)
      color (~> 1.8)
      nokogiri (~> 1.6)
    mini_magick (4.11.0)
    mini_portile2 (2.5.1)
    nokogiri (1.11.4)
      mini_portile2 (~> 2.5.0)
      racc (~> 1.4)
    racc (1.5.2)
    triangle_pattern (0.2.2)
      delaunator (~> 0.1.1)
      gradient

PLATFORMS
  ruby

DEPENDENCIES
  mini_magick
  nokogiri (~> 1.11.4)
  triangle_pattern

BUNDLED WITH
   2.1.4
