GEM
  remote: https://rubygems.org/
  specs:
    color (1.8)
    delaunator (0.1.1)
    gradient (0.5.1)
      color (~> 1.8)
      nokogiri (~> 1.6)
    mini_magick (4.11.0)
    mini_portile2 (2.8.8)
    nokogiri (1.16.5)
      mini_portile2 (~> 2.8.2)
      racc (~> 1.4)
    racc (1.8.1)
    triangle_pattern (0.2.2)
      delaunator (~> 0.1.1)
      gradient

PLATFORMS
  ruby

DEPENDENCIES
  mini_magick
  nokogiri (~> 1.16.5)
  triangle_pattern

BUNDLED WITH
   2.1.4
