GEM
  remote: http://rubygems.org/
  specs:
    color (1.8)
    delaunator (0.1.1)
    gradient (0.5.1)
      color (~> 1.8)
      nokogiri (~> 1.6)
    mini_magick (4.10.1)
    mini_portile2 (2.4.0)
    nokogiri (1.10.9)
      mini_portile2 (~> 2.4.0)
    triangle_pattern (0.2.2)
      delaunator (~> 0.1.1)
      gradient

PLATFORMS
  ruby

DEPENDENCIES
  mini_magick
  triangle_pattern

BUNDLED WITH
   2.1.4
